GEM
  remote: http://rubygems.org/
  specs:
    pdfkit (0.5.4)
    redcarpet (2.3.0)
    sass (3.2.9)

PLATFORMS
  ruby

DEPENDENCIES
  pdfkit
  redcarpet
  sass
