GEM
  remote: http://rubygems.org/
  specs:
    pdfkit (0.8.5)
    redcarpet (2.3.0)
    sass (3.2.9)
    wkhtmltopdf-binary (0.12.4)

PLATFORMS
  ruby

DEPENDENCIES
  pdfkit (= 0.8.5)
  redcarpet
  sass
  wkhtmltopdf-binary

BUNDLED WITH
   2.2.26
